PATH
  remote: ../ethereum.rb
  specs:
    ethereum.rb (2.1.8)
      activesupport (~> 5.0)
      digest-sha3 (~> 1.1)

GEM
  remote: https://rubygems.org/
  specs:
    activesupport (5.1.4)
      concurrent-ruby (~> 1.0, >= 1.0.2)
      i18n (~> 0.7)
      minitest (~> 5.1)
      tzinfo (~> 1.1)
    concurrent-ruby (1.0.5)
    digest-sha3 (1.1.0)
    eth (0.4.6)
      digest-sha3 (~> 1.1)
      ffi (~> 1.0)
      money-tree (~> 0.9)
      rlp (~> 0.7.3)
      scrypt (~> 3.0.5)
    ffi (1.9.18)
    ffi-compiler (1.0.1)
      ffi (>= 1.0.0)
      rake
    i18n (0.9.1)
      concurrent-ruby (~> 1.0)
    minitest (5.11.1)
    money-tree (0.9.0)
      ffi
    rake (12.3.0)
    rlp (0.7.3)
    scrypt (3.0.5)
      ffi-compiler (>= 1.0, < 2.0)
    thor (0.20.0)
    thread_safe (0.3.6)
    tzinfo (1.2.4)
      thread_safe (~> 0.1)

PLATFORMS
  ruby

DEPENDENCIES
  eth
  ethereum.rb!
  minitest
  thor

BUNDLED WITH
   1.16.1
